GEM
  remote: http://rubygems.org/
  specs:
    differ (0.1.2)
    yajl-ruby (1.1.0)

PLATFORMS
  ruby

DEPENDENCIES
  differ
  yajl-ruby
