GEM
  remote: http://rubygems.org/
  specs:
    diff-lcs (1.1.3)
    yajl-ruby (1.1.0)

PLATFORMS
  ruby

DEPENDENCIES
  diff-lcs
  yajl-ruby
